GEM
  remote: https://rubygems.org/
  specs:
    mini_magick (4.3.6)
    rmagick (2.15.4)
    thor (0.19.1)

PLATFORMS
  ruby

DEPENDENCIES
  mini_magick
  rmagick
  thor

BUNDLED WITH
   1.10.6
