GEM
  remote: https://rubygems.org/
  specs:
    mini_magick (4.9.5)
    rmagick (4.0.0)
    thor (0.20.3)

PLATFORMS
  ruby

DEPENDENCIES
  mini_magick
  rmagick
  thor

BUNDLED WITH
   2.0.2
