GEM
  remote: https://rubygems.org/
  specs:
    mini_magick (4.9.5)
    pkg-config (1.5.5)
    rmagick (5.3.0)
      pkg-config (~> 1.4)
    thor (0.20.3)

PLATFORMS
  ruby

DEPENDENCIES
  mini_magick
  rmagick
  thor

BUNDLED WITH
   2.0.2
